GEM
  remote: https://rubygems.org/
  specs:
    concurrent-ruby (1.1.4)
    daemons (1.3.1)
    eventmachine (1.2.7-x64-mingw32)
    faker (1.9.1)
      i18n (>= 0.7)
    haml (5.0.4)
      temple (>= 0.8.0)
      tilt
    i18n (1.5.2)
      concurrent-ruby (~> 1.0)
    mustermann (1.0.3)
    rack (2.0.6)
    rack-protection (2.0.5)
      rack
    sinatra (2.0.5)
      mustermann (~> 1.0)
      rack (~> 2.0)
      rack-protection (= 2.0.5)
      tilt (~> 2.0)
    temple (0.8.0)
    thin (1.7.2)
      daemons (~> 1.0, >= 1.0.9)
      eventmachine (~> 1.0, >= 1.0.4)
      rack (>= 1, < 3)
    tilt (2.0.9)

PLATFORMS
  x64-mingw32

DEPENDENCIES
  faker
  haml
  sinatra
  thin

BUNDLED WITH
   2.0.1
